PATH
  remote: .
  specs:
    money (5.0.0.rc2)
      i18n (~> 0.4)
      json

GEM
  remote: http://rubygems.org/
  specs:
    diff-lcs (1.1.3)
    i18n (0.6.0)
    json (1.6.6)
    rake (0.9.2.2)
    redcarpet (2.1.1)
    rspec (2.9.0)
      rspec-core (~> 2.9.0)
      rspec-expectations (~> 2.9.0)
      rspec-mocks (~> 2.9.0)
    rspec-core (2.9.0)
    rspec-expectations (2.9.0)
      diff-lcs (~> 1.1.3)
    rspec-mocks (2.9.0)
    yard (0.7.5)

PLATFORMS
  java
  ruby

DEPENDENCIES
  money!
  rake
  redcarpet (~> 2.1.1)
  rspec (~> 2.9.0)
  yard (~> 0.7.5)
